RESTRICTION: == netcoreapp3.1
NUGET
  remote: https://api.nuget.org/v3/index.json
    AForge.Imaging.NetStandard (2.2.5)
      AForge.NetStandard (>= 2.2.5)
      Math (>= 1.0)
      System.Drawing.Common (>= 4.7)
      System.Drawing.Primitives (>= 4.3)
    AForge.Math.NetStandard (2.2.5)
      AForge.NetStandard (>= 2.2.5)
    AForge.NetStandard (2.2.5)
    Math (1.0.0.1)
      Newtonsoft.Json (>= 11.0.2)
    McMaster.Extensions.CommandLineUtils (3.0)
      System.ComponentModel.Annotations (>= 4.7)
    Microsoft.NETCore.Platforms (3.1.1)
    Microsoft.NETCore.Targets (3.1)
    Microsoft.Win32.SystemEvents (4.7)
      Microsoft.NETCore.Platforms (>= 3.1)
    Newtonsoft.Json (12.0.3)
    System.ComponentModel.Annotations (4.7)
    System.Drawing.Common (4.7)
      Microsoft.NETCore.Platforms (>= 3.1)
      Microsoft.Win32.SystemEvents (>= 4.7)
    System.Drawing.Primitives (4.3)
      System.Runtime (>= 4.3)
      System.Runtime.Extensions (>= 4.3)
    System.Runtime (4.3.1)
      Microsoft.NETCore.Platforms (>= 1.1.1)
      Microsoft.NETCore.Targets (>= 1.1.3)
    System.Runtime.Extensions (4.3.1)
      Microsoft.NETCore.Platforms (>= 1.1.1)
      Microsoft.NETCore.Targets (>= 1.1.3)
      System.Runtime (>= 4.3.1)
